PATH
  remote: .
  specs:
    osxsub (0.2.0)

GEM
  remote: http://rubygems.org/
  specs:
    rake (10.0.3)

PLATFORMS
  ruby

DEPENDENCIES
  osxsub!
  rake
